GEM
  remote: http://rubygems.org/
  specs:
    newrelic_rpm (2.13.3)
    rack (1.2.1)
    sinatra (1.1.0)
      rack (~> 1.1)
      tilt (~> 1.1)
    tilt (1.1)

PLATFORMS
  ruby

DEPENDENCIES
  newrelic_rpm
  rack
  sinatra
